GEM
  remote: https://rubygems.org/
  specs:
    addressable (2.8.0)
      public_suffix (>= 2.0.2, < 5.0)
    amp-jekyll (1.0.3)
      fastimage (>= 1.8.0)
      jekyll (>= 3.0, < 5.0)
      nokogiri (>= 1.6.0)
    colorator (1.1.0)
    concurrent-ruby (1.1.9)
    css_press (0.3.2)
      csspool-st (= 3.1.2)
      json
    csspool-st (3.1.2)
    em-websocket (0.5.2)
      eventmachine (>= 0.12.9)
      http_parser.rb (~> 0.6.0)
    eventmachine (1.2.7)
    eventmachine (1.2.7-x64-mingw32)
    execjs (2.8.1)
    fastimage (2.2.5)
    ffi (1.15.4)
    ffi (1.15.4-x64-mingw32)
    forwardable-extended (2.6.0)
    html_press (0.8.2)
      htmlentities
      multi_css (>= 0.1.0)
      multi_js (>= 0.1.0)
    htmlentities (4.3.4)
    http_parser.rb (0.6.0)
    i18n (1.8.10)
      concurrent-ruby (~> 1.0)
    jekyll (4.2.1)
      addressable (~> 2.4)
      colorator (~> 1.0)
      em-websocket (~> 0.5)
      i18n (~> 1.0)
      jekyll-sass-converter (~> 2.0)
      jekyll-watch (~> 2.0)
      kramdown (~> 2.3)
      kramdown-parser-gfm (~> 1.0)
      liquid (~> 4.0)
      mercenary (~> 0.4.0)
      pathutil (~> 0.9)
      rouge (~> 3.0)
      safe_yaml (~> 1.0)
      terminal-table (~> 2.0)
    jekyll-feed (0.15.1)
      jekyll (>= 3.7, < 5.0)
    jekyll-sass-converter (2.1.0)
      sassc (> 2.0.1, < 3.0)
    jekyll-seo-tag (2.7.1)
      jekyll (>= 3.8, < 5.0)
    jekyll-sitemap (1.4.0)
      jekyll (>= 3.7, < 5.0)
    jekyll-watch (2.2.1)
      listen (~> 3.0)
    json (2.5.1)
    kramdown (2.3.1)
      rexml
    kramdown-parser-gfm (1.1.0)
      kramdown (~> 2.0)
    liquid (4.0.3)
    listen (3.7.0)
      rb-fsevent (~> 0.10, >= 0.10.3)
      rb-inotify (~> 0.9, >= 0.9.10)
    mercenary (0.4.0)
    mini_portile2 (2.8.0)
    multi_css (0.1.0)
      css_press
    multi_js (0.1.0)
      uglifier (~> 2)
    nokogiri (1.13.6)
      mini_portile2 (~> 2.8.0)
      racc (~> 1.4)
    nokogiri (1.13.6-x64-mingw32)
      racc (~> 1.4)
    octopress-hooks (2.6.2)
      jekyll (>= 2.0)
    octopress-minify-html (1.3.1)
      html_press (~> 0.8)
      jekyll (>= 2.0)
      octopress-hooks
    pathutil (0.16.2)
      forwardable-extended (~> 2.6)
    public_suffix (4.0.6)
    racc (1.6.0)
    rb-fsevent (0.11.0)
    rb-inotify (0.10.1)
      ffi (~> 1.0)
    rexml (3.2.5)
    rouge (3.26.1)
    safe_yaml (1.0.5)
    sassc (2.4.0)
      ffi (~> 1.9)
    sassc (2.4.0-x64-mingw32)
      ffi (~> 1.9)
    terminal-table (2.0.0)
      unicode-display_width (~> 1.1, >= 1.1.1)
    tzinfo (2.0.4)
      concurrent-ruby (~> 1.0)
    tzinfo-data (1.2021.2)
      tzinfo (>= 1.0.0)
    uglifier (2.7.2)
      execjs (>= 0.3.0)
      json (>= 1.8.0)
    unicode-display_width (1.8.0)

PLATFORMS
  ruby
  x64-mingw32

DEPENDENCIES
  amp-jekyll
  jekyll (= 4.2.1)
  jekyll-feed
  jekyll-seo-tag
  jekyll-sitemap
  octopress-minify-html
  tzinfo-data

BUNDLED WITH
   1.17.2
